PATH
  remote: .
  specs:
    logstash (2.0.0.dev)
      cabin (>= 0.6.0)
      ci_reporter (= 1.9.3)
      clamp
      excon
      ftw (~> 0.0.40)
      i18n (= 0.6.9)
      insist (= 1.0.0)
      logstash-devutils
      mime-types
      minitar
      minitest
      mocha
      msgpack
      oj
      pry
      rack
      rspec (~> 2.14.0)
      ruby-maven
      rumbster
      shoulda
      sinatra
      spoon
      stud

PATH
  remote: ../logstash-devutils
  specs:
    logstash-devutils (0.0.4)
      gem_publisher
      jar-dependencies
      minitar
      rake

GEM
  remote: https://rubygems.org/
  specs:
    activesupport (4.1.8)
      i18n (~> 0.6, >= 0.6.9)
      json (~> 1.7, >= 1.7.7)
      minitest (~> 5.1)
      thread_safe (~> 0.1)
      tzinfo (~> 1.1)
    addressable (2.3.6)
    awesome_print (1.2.0)
    axiom-types (0.1.1)
      descendants_tracker (~> 0.0.4)
      ice_nine (~> 0.11.0)
      thread_safe (~> 0.3, >= 0.3.1)
    backports (3.6.4)
    builder (3.2.2)
    cabin (0.6.1)
    ci_reporter (1.9.3)
      builder (>= 2.1.2)
    clamp (0.6.3)
    coderay (1.1.0)
    coercible (1.0.0)
      descendants_tracker (~> 0.0.1)
    coveralls (0.7.2)
      multi_json (~> 1.3)
      rest-client (= 1.6.7)
      simplecov (>= 0.7)
      term-ansicolor (= 1.2.2)
      thor (= 0.18.1)
    descendants_tracker (0.0.4)
      thread_safe (~> 0.3, >= 0.3.1)
    diff-lcs (1.2.5)
    docile (1.1.5)
    equalizer (0.0.9)
    excon (0.42.0)
    ffi (1.9.6)
    filewatch (0.5.1)
    ftw (0.0.42)
      addressable
      backports (>= 2.6.2)
      cabin (> 0)
      http_parser.rb (~> 0.6)
    gem_publisher (1.5.0)
    http_parser.rb (0.6.0)
    i18n (0.6.9)
    ice_nine (0.11.1)
    insist (1.0.0)
    jar-dependencies (0.1.7)
    jls-grok (0.11.0)
      cabin (>= 0.6.0)
    jls-lumberjack (0.0.20)
    json (1.8.1)
    logstash-codec-json (0.1.3)
      logstash (>= 1.4.0, < 2.0.0)
    logstash-codec-json_lines (0.1.3)
      logstash (>= 1.4.0, < 2.0.0)
      logstash-codec-line
    logstash-codec-line (0.1.3)
      logstash (>= 1.4.0, < 2.0.0)
    logstash-codec-plain (0.1.3)
      logstash (>= 1.4.0, < 2.0.0)
    logstash-codec-rubydebug (0.1.4)
      awesome_print
      logstash (>= 1.4.0, < 2.0.0)
    logstash-filter-clone (0.1.2)
      logstash (>= 1.4.0, < 2.0.0)
    logstash-filter-grok (0.1.2)
      jls-grok (= 0.11.0)
      logstash (>= 1.4.0, < 2.0.0)
      logstash-patterns-core
    logstash-filter-mutate (0.1.2)
      logstash (>= 1.4.0, < 2.0.0)
      logstash-filter-grok
      logstash-patterns-core
    logstash-filter-syslog_pri (0.1.2)
      logstash (>= 1.4.0, < 2.0.0)
    logstash-input-file (0.1.2)
      addressable
      filewatch (= 0.5.1)
      logstash (>= 1.4.0, < 2.0.0)
      logstash-codec-plain
    logstash-input-generator (0.1.1)
      logstash (>= 1.4.0, < 2.0.0)
      logstash-codec-plain
    logstash-input-stdin (0.1.1)
      logstash (>= 1.4.0, < 2.0.0)
      logstash-codec-json
      logstash-codec-json_lines
      logstash-codec-line
      logstash-codec-plain
    logstash-input-tcp (0.1.1)
      logstash (>= 1.4.0, < 2.0.0)
      logstash-codec-json
      logstash-codec-json_lines
      logstash-codec-line
      logstash-codec-plain
    logstash-output-lumberjack (0.1.2)
      jls-lumberjack (>= 0.0.20)
      logstash (>= 1.4.0, < 2.0.0)
    logstash-output-stdout (0.1.2)
      logstash (>= 1.4.0, < 2.0.0)
      logstash-codec-line
    logstash-patterns-core (0.1.2)
      logstash (>= 1.4.0, < 2.0.0)
    mail (2.5.3)
      i18n (>= 0.4.0)
      mime-types (~> 1.16)
      treetop (~> 1.4.8)
    maven-tools (1.0.6)
      virtus (~> 1.0)
    metaclass (0.0.4)
    method_source (0.8.2)
    mime-types (1.25.1)
    minitar (0.5.4)
    minitest (5.4.3)
    mocha (1.1.0)
      metaclass (~> 0.0.1)
    msgpack (0.5.9)
    multi_json (1.10.1)
    oj (2.11.1)
    polyglot (0.3.5)
    pry (0.10.1)
      coderay (~> 1.1.0)
      method_source (~> 0.8.1)
      slop (~> 3.4)
    rack (1.5.2)
    rack-protection (1.5.3)
      rack
    rake (10.4.2)
    rest-client (1.6.7)
      mime-types (>= 1.16)
    rspec (2.14.1)
      rspec-core (~> 2.14.0)
      rspec-expectations (~> 2.14.0)
      rspec-mocks (~> 2.14.0)
    rspec-core (2.14.8)
    rspec-expectations (2.14.5)
      diff-lcs (>= 1.1.3, < 2.0)
    rspec-mocks (2.14.6)
    ruby-maven (3.1.1.0.8)
      maven-tools (~> 1.0.1)
      ruby-maven-libs (= 3.1.1)
    ruby-maven-libs (3.1.1)
    rumbster (1.1.1)
      mail (= 2.5.3)
    shoulda (3.5.0)
      shoulda-context (~> 1.0, >= 1.0.1)
      shoulda-matchers (>= 1.4.1, < 3.0)
    shoulda-context (1.2.1)
    shoulda-matchers (2.7.0)
      activesupport (>= 3.0.0)
    simplecov (0.9.1)
      docile (~> 1.1.0)
      multi_json (~> 1.0)
      simplecov-html (~> 0.8.0)
    simplecov-html (0.8.0)
    sinatra (1.4.5)
      rack (~> 1.4)
      rack-protection (~> 1.4)
      tilt (~> 1.3, >= 1.3.4)
    slop (3.6.0)
    spoon (0.0.4)
      ffi
    stud (0.0.18)
    term-ansicolor (1.2.2)
      tins (~> 0.8)
    thor (0.18.1)
    thread_safe (0.3.4)
    tilt (1.4.1)
    tins (0.13.2)
    treetop (1.4.15)
      polyglot
      polyglot (>= 0.3.1)
    tzinfo (1.2.2)
      thread_safe (~> 0.1)
    virtus (1.0.3)
      axiom-types (~> 0.1)
      coercible (~> 1.0)
      descendants_tracker (~> 0.0, >= 0.0.3)
      equalizer (~> 0.0, >= 0.0.9)

PLATFORMS
  ruby

DEPENDENCIES
  coveralls
  logstash!
  logstash-codec-json
  logstash-codec-json_lines
  logstash-codec-line
  logstash-codec-rubydebug
  logstash-devutils!
  logstash-filter-clone
  logstash-filter-grok
  logstash-filter-mutate
  logstash-filter-syslog_pri
  logstash-input-file
  logstash-input-generator
  logstash-input-stdin
  logstash-input-tcp
  logstash-output-lumberjack
  logstash-output-stdout
